PATH
  remote: lakebed
  specs:
    lakebed (0.1.0)
      lz4-ruby
      unicorn-engine

GEM
  remote: https://rubygems.org/
  specs:
    builder (3.2.3)
    diff-lcs (1.3)
    excon (0.62.0)
    fog-backblaze (0.2.0)
      fog-core (>= 1.40, < 3)
    fog-core (2.1.2)
      builder
      excon (~> 0.58)
      formatador (~> 0.2)
      mime-types
    formatador (0.2.5)
    lz4-ruby (0.3.3)
    mime-types (3.2.2)
      mime-types-data (~> 3.2015)
    mime-types-data (3.2018.0812)
    rspec (3.8.0)
      rspec-core (~> 3.8.0)
      rspec-expectations (~> 3.8.0)
      rspec-mocks (~> 3.8.0)
    rspec-core (3.8.0)
      rspec-support (~> 3.8.0)
    rspec-expectations (3.8.2)
      diff-lcs (>= 1.2.0, < 2.0)
      rspec-support (~> 3.8.0)
    rspec-mocks (3.8.0)
      diff-lcs (>= 1.2.0, < 2.0)
      rspec-support (~> 3.8.0)
    rspec-support (3.8.0)
    unicorn-engine (1.0.1)

PLATFORMS
  ruby

DEPENDENCIES
  fog-backblaze
  lakebed!
  rspec

BUNDLED WITH
   1.16.2
