PATH
  remote: lakebed
  specs:
    lakebed (0.1.0)
      lz4-ruby
      unicorn-engine

GEM
  remote: https://rubygems.org/
  specs:
    diff-lcs (1.3)
    lz4-ruby (0.3.3)
    rspec (3.8.0)
      rspec-core (~> 3.8.0)
      rspec-expectations (~> 3.8.0)
      rspec-mocks (~> 3.8.0)
    rspec-core (3.8.0)
      rspec-support (~> 3.8.0)
    rspec-expectations (3.8.2)
      diff-lcs (>= 1.2.0, < 2.0)
      rspec-support (~> 3.8.0)
    rspec-mocks (3.8.0)
      diff-lcs (>= 1.2.0, < 2.0)
      rspec-support (~> 3.8.0)
    rspec-support (3.8.0)
    unicorn-engine (1.0.1)

PLATFORMS
  ruby

DEPENDENCIES
  lakebed!
  rspec

BUNDLED WITH
   1.16.2
